GEM
  remote: https://rubygems.org/
  specs:
    numo-narray (0.9.0.9)

PLATFORMS
  ruby

DEPENDENCIES
  numo-narray

BUNDLED WITH
   1.15.4
